GIT
  remote: git://github.com/FriendlyId/friendly_id.git
  revision: 35ce3de1c65682004cad00fe90f546137499cd64
  specs:
    friendly_id (5.0.2)
      activerecord (>= 4.0.0)

GIT
  remote: git://github.com/argerim/select2-rails.git
  revision: e87aae82995f5cabd5656e266bac675e947f62b9
  specs:
    select2-rails (3.5.2)
      thor (~> 0.14)

GIT
  remote: git://github.com/bmabey/database_cleaner.git
  revision: c86583862e46d5708f3c6aff6b960d78899edc36
  tag: v1.0.0.RC1
  specs:
    database_cleaner (1.0.0.RC1)

GIT
  remote: git://github.com/galetahub/ckeditor.git
  revision: 077827e013901f315a6a1ca9cc7ac2af05acc099
  specs:
    ckeditor (4.0.7)
      mime-types
      orm_adapter

GIT
  remote: git://github.com/janko-m/paperclip-dropbox.git
  revision: f14d495fbdc52eb5e3ea1b9cf4c9f129f3caa91a
  specs:
    paperclip-dropbox (1.1.7)
      dropbox-sdk (~> 1.3)
      paperclip (~> 3.1)

GIT
  remote: git://github.com/jonleighton/poltergeist.git
  revision: 02f63aa8fead20108d2d83be07761cf5fda31abc
  specs:
    poltergeist (1.5.0)
      capybara (~> 2.1)
      cliver (~> 0.3.1)
      multi_json (~> 1.0)
      websocket-driver (>= 0.2.0)

GIT
  remote: git://github.com/plataformatec/devise.git
  revision: 29da146c07fc4601f23fc610c916a630da4553b4
  specs:
    devise (3.2.2)
      bcrypt-ruby (~> 3.0)
      orm_adapter (~> 0.1)
      railties (>= 3.2.6, < 5)
      thread_safe (~> 0.1)
      warden (~> 1.2.3)

GIT
  remote: git://github.com/prawnpdf/prawn.git
  revision: adeacd4cdd90eb55c8d09c7a2578086faae59732
  specs:
    prawn (0.14.0)
      afm
      pdf-reader (~> 1.2)
      ruby-rc4
      ttfunk (~> 1.0.3)

GIT
  remote: git://github.com/thoughtbot/paperclip.git
  revision: 6459f2c00f16051ec397fe911bc21078291ce3b8
  specs:
    paperclip (3.5.2)
      activemodel (>= 3.0.0)
      activesupport (>= 3.0.0)
      cocaine (~> 0.5.3)
      mime-types

GEM
  remote: http://rubygems.org/
  specs:
    Ascii85 (1.0.2)
    RedCloth (4.2.9)
    actionmailer (4.0.2)
      actionpack (= 4.0.2)
      mail (~> 2.5.4)
    actionpack (4.0.2)
      activesupport (= 4.0.2)
      builder (~> 3.1.0)
      erubis (~> 2.7.0)
      rack (~> 1.5.2)
      rack-test (~> 0.6.2)
    activemodel (4.0.2)
      activesupport (= 4.0.2)
      builder (~> 3.1.0)
    activerecord (4.0.2)
      activemodel (= 4.0.2)
      activerecord-deprecated_finders (~> 1.0.2)
      activesupport (= 4.0.2)
      arel (~> 4.0.0)
    activerecord-deprecated_finders (1.0.3)
    activesupport (4.0.2)
      i18n (~> 0.6, >= 0.6.4)
      minitest (~> 4.2)
      multi_json (~> 1.3)
      thread_safe (~> 0.1)
      tzinfo (~> 0.3.37)
    acts_as_indexed (0.8.3)
    acts_as_list (0.3.0)
      activerecord (>= 3.0)
    addressable (2.3.5)
    afm (0.2.0)
    arel (4.0.1)
    atomic (1.1.14)
    bcrypt-ruby (3.1.2)
    bootstrap-sass (3.0.3.0)
      sass (~> 3.2)
    builder (3.1.4)
    capybara (2.2.0)
      mime-types (>= 1.16)
      nokogiri (>= 1.3.3)
      rack (>= 1.0.0)
      rack-test (>= 0.5.4)
      xpath (~> 2.0)
    celluloid (0.15.2)
      timers (~> 1.1.0)
    climate_control (0.0.3)
      activesupport (>= 3.0)
    cliver (0.3.2)
    cocaine (0.5.3)
      climate_control (>= 0.0.3, < 1.0)
    coderay (1.1.0)
    coffee-rails (4.0.1)
      coffee-script (>= 2.2.0)
      railties (>= 4.0.0, < 5.0)
    coffee-script (2.2.0)
      coffee-script-source
      execjs
    coffee-script-source (1.6.3)
    daemons (1.1.9)
    diff-lcs (1.2.5)
    docile (1.1.1)
    dotenv (0.9.0)
    dotenv-rails (0.9.0)
      dotenv (= 0.9.0)
    dropbox-sdk (1.6.3)
      json
    erubis (2.7.0)
    eventmachine (1.0.3)
    execjs (2.0.2)
    factory_girl (4.3.0)
      activesupport (>= 3.0.0)
    factory_girl_rails (4.3.0)
      factory_girl (~> 4.3.0)
      railties (>= 3.0.0)
    ffi (1.9.3)
    foreman (0.63.0)
      dotenv (>= 0.7)
      thor (>= 0.13.6)
    formatador (0.2.4)
    google-analytics-rails (0.0.4)
    guard (2.2.5)
      formatador (>= 0.2.4)
      listen (~> 2.1)
      lumberjack (~> 1.0)
      pry (>= 0.9.12)
      thor (>= 0.18.1)
    guard-bundler (2.0.0)
      bundler (~> 1.0)
      guard (~> 2.2)
    guard-rails (0.4.7)
      guard (>= 0.2.2)
    guard-rspec (4.2.0)
      guard (>= 2.1.1)
      rspec (>= 2.14, < 4.0)
    haml (4.0.4)
      tilt
    haml-rails (0.5.3)
      actionpack (>= 4.0.1)
      activesupport (>= 4.0.1)
      haml (>= 3.1, < 5.0)
      railties (>= 4.0.1)
    hashery (2.1.1)
    hike (1.2.3)
    i18n (0.6.9)
    jbuilder (1.5.3)
      activesupport (>= 3.0.0)
      multi_json (>= 1.2.0)
    jquery-rails (3.0.4)
      railties (>= 3.0, < 5.0)
      thor (>= 0.14, < 2.0)
    jquery-turbolinks (2.0.1)
      railties (>= 3.1.0)
      turbolinks
    jquery-ui-rails (4.0.3)
      jquery-rails
      railties (>= 3.1.0)
    jquery-ui-sass-rails (4.0.3.0)
      jquery-rails
      jquery-ui-rails (= 4.0.3)
      railties (>= 3.1.0)
    json (1.8.1)
    kaminari (0.15.0)
      actionpack (>= 3.0.0)
      activesupport (>= 3.0.0)
    launchy (2.4.2)
      addressable (~> 2.3)
    listen (2.4.0)
      celluloid (>= 0.15.2)
      rb-fsevent (>= 0.9.3)
      rb-inotify (>= 0.9)
    lumberjack (1.0.4)
    mail (2.5.4)
      mime-types (~> 1.16)
      treetop (~> 1.4.8)
    method_source (0.8.2)
    mime-types (1.25.1)
    mini_portile (0.5.2)
    minitest (4.7.5)
    multi_json (1.8.2)
    nested_form (0.3.2)
    newrelic_rpm (3.7.0.177)
    nokogiri (1.6.1)
      mini_portile (~> 0.5.0)
    orm_adapter (0.5.0)
    pdf-reader (1.3.3)
      Ascii85 (~> 1.0.0)
      afm (~> 0.2.0)
      hashery (~> 2.0)
      ruby-rc4
      ttfunk
    pg (0.17.1)
    polyglot (0.3.3)
    pry (0.9.12.4)
      coderay (~> 1.0)
      method_source (~> 0.8)
      slop (~> 3.4)
    pry-rails (0.3.2)
      pry (>= 0.9.10)
    quiet_assets (1.0.2)
      railties (>= 3.1, < 5.0)
    rack (1.5.2)
    rack-cors (0.2.9)
    rack-test (0.6.2)
      rack (>= 1.0)
    rails (4.0.2)
      actionmailer (= 4.0.2)
      actionpack (= 4.0.2)
      activerecord (= 4.0.2)
      activesupport (= 4.0.2)
      bundler (>= 1.3.0, < 2.0)
      railties (= 4.0.2)
      sprockets-rails (~> 2.0.0)
    rails3-jquery-autocomplete (1.0.12)
      rails (>= 3.0)
    rails_12factor (0.0.2)
      rails_serve_static_assets
      rails_stdout_logging
    rails_serve_static_assets (0.0.1)
    rails_stdout_logging (0.0.3)
    railties (4.0.2)
      actionpack (= 4.0.2)
      activesupport (= 4.0.2)
      rake (>= 0.8.7)
      thor (>= 0.18.1, < 2.0)
    rake (10.1.1)
    rb-fsevent (0.9.3)
    rb-inotify (0.9.3)
      ffi (>= 0.5.0)
    rdoc (3.12.2)
      json (~> 1.4)
    rspec (2.14.1)
      rspec-core (~> 2.14.0)
      rspec-expectations (~> 2.14.0)
      rspec-mocks (~> 2.14.0)
    rspec-core (2.14.7)
    rspec-expectations (2.14.4)
      diff-lcs (>= 1.1.3, < 2.0)
    rspec-mocks (2.14.4)
    rspec-rails (2.14.0)
      actionpack (>= 3.0)
      activesupport (>= 3.0)
      railties (>= 3.0)
      rspec-core (~> 2.14.0)
      rspec-expectations (~> 2.14.0)
      rspec-mocks (~> 2.14.0)
    ruby-rc4 (0.1.5)
    sass (3.2.13)
    sass-rails (4.0.1)
      railties (>= 4.0.0, < 5.0)
      sass (>= 3.1.10)
      sprockets-rails (~> 2.0.0)
    sdoc (0.3.20)
      json (>= 1.1.3)
      rdoc (~> 3.10)
    simplecov (0.8.2)
      docile (~> 1.1.0)
      multi_json
      simplecov-html (~> 0.8.0)
    simplecov-html (0.8.0)
    slop (3.4.7)
    sprockets (2.10.1)
      hike (~> 1.2)
      multi_json (~> 1.0)
      rack (~> 1.0)
      tilt (~> 1.1, != 1.3.0)
    sprockets-rails (2.0.1)
      actionpack (>= 3.0)
      activesupport (>= 3.0)
      sprockets (~> 2.8)
    stringex (2.1.2)
    terminal-notifier-guard (1.5.3)
    thin (1.6.1)
      daemons (>= 1.0.9)
      eventmachine (>= 1.0.0)
      rack (>= 1.0.0)
    thor (0.18.1)
    thread_safe (0.1.3)
      atomic
    tilt (1.4.1)
    timers (1.1.0)
    treetop (1.4.15)
      polyglot
      polyglot (>= 0.3.1)
    ttfunk (1.0.3)
    turbolinks (2.1.0)
      coffee-rails
    tzinfo (0.3.38)
    uglifier (2.4.0)
      execjs (>= 0.3.0)
      json (>= 1.8.0)
    warden (1.2.3)
      rack (>= 1.0)
    websocket-driver (0.3.1)
    xpath (2.0.0)
      nokogiri (~> 1.3)

PLATFORMS
  ruby

DEPENDENCIES
  RedCloth
  acts_as_indexed
  acts_as_list
  bootstrap-sass (~> 3.0.3.0)
  capybara
  ckeditor!
  coffee-rails (~> 4.0.0)
  database_cleaner!
  devise!
  dotenv-rails
  factory_girl_rails
  foreman
  friendly_id!
  google-analytics-rails
  guard-bundler
  guard-rails
  guard-rspec
  haml-rails
  jbuilder (~> 1.2)
  jquery-rails
  jquery-turbolinks
  jquery-ui-sass-rails
  kaminari
  launchy
  nested_form
  newrelic_rpm
  paperclip!
  paperclip-dropbox!
  pg
  poltergeist!
  prawn!
  pry-rails
  quiet_assets (>= 1.0.1)
  rack-cors
  rails (= 4.0.2)
  rails3-jquery-autocomplete
  rails_12factor
  rb-fsevent
  rspec-rails
  sass-rails (~> 4.0.0)
  sdoc
  select2-rails!
  simplecov
  stringex
  terminal-notifier-guard
  thin
  turbolinks
  uglifier (>= 1.3.0)
